NUGET
  remote: https://www.nuget.org/api/v2
    FAKE (4.10.3)
    FParsec (1.0.2)
    FsCheck (2.2.3)
      FSharp.Core (>= 3.1.2.5)
    FSharp.Compiler.Service (1.4.0.6)
    FSharp.Core (4.0.0.1)
    FSharp.Formatting (2.12)
      FSharp.Compiler.Service (1.4.0.6)
      FSharpVSPowerTools.Core (2.1)
    FSharpVSPowerTools.Core (2.1)
      FSharp.Compiler.Service (>= 1.4.0.6)
    Microsoft.Bcl (1.1.10)
      Microsoft.Bcl.Build (>= 1.0.14)
    Microsoft.Bcl.Build (1.0.21) - import_targets: false
    Microsoft.Net.Http (2.2.29)
      Microsoft.Bcl (>= 1.1.10)
      Microsoft.Bcl.Build (>= 1.0.14)
    NUnit (3.0.1)
    Octokit (0.16)
      Microsoft.Net.Http
    SourceLink.Fake (1.1)
GITHUB
  remote: fsharp/FAKE
    modules/Octokit/Octokit.fsx (917a86046700e4eaaa2aa09de7895e048eaaa1b1)
      Octokit